GEM
  remote: http://rubygems.org/
  specs:
    andand (1.3.1)
    haml (3.1.2)
    json (1.5.1)
    rack (1.4.1)
    rack-protection (1.2.0)
      rack
    rdiscount (1.6.8)
    redis (2.2.1)
    sass (3.1.2)
    sinatra (1.3.3)
      rack (~> 1.3, >= 1.3.6)
      rack-protection (~> 1.2)
      tilt (~> 1.3, >= 1.3.3)
    tilt (1.3.3)

PLATFORMS
  ruby

DEPENDENCIES
  andand (~> 1.3.1)
  haml (~> 3.1.2)
  json (~> 1.5.1)
  rdiscount (~> 1.6.8)
  redis (~> 2.2.1)
  sass (~> 3.1.2)
  sinatra
